GEM
  remote: http://rubygems.org/
  specs:
    actionmailer (2.3.14)
      actionpack (= 2.3.14)
    actionpack (2.3.14)
      activesupport (= 2.3.14)
      rack (~> 1.1.0)
    activerecord (2.3.14)
      activesupport (= 2.3.14)
    activeresource (2.3.14)
      activesupport (= 2.3.14)
    activesupport (2.3.14)
    addressable (2.3.4)
    aws-s3 (0.6.3)
      builder
      mime-types
      xml-simple
    builder (3.2.2)
    declarative_authorization (0.5.7)
    excon (0.23.0)
    fastercsv (1.5.5)
    fattr (2.2.1)
    geokit (1.6.5)
      multi_json
    heroku (2.39.4)
      heroku-api (~> 0.3.7)
      launchy (>= 0.3.2)
      netrc (~> 0.7.7)
      rest-client (~> 1.6.1)
      rubyzip
    heroku-api (0.3.12)
      excon (~> 0.23.0)
    hoe (2.8.0)
      rake (>= 0.8.7)
    i18n (0.4.2)
    launchy (2.3.0)
      addressable (~> 2.3)
    mime-types (1.23)
    multi_json (1.7.7)
    mysql2 (0.3.11)
    netrc (0.7.7)
    pg (0.15.1)
    prawn (0.6.3)
      prawn-core (>= 0.6.3, < 0.7)
      prawn-format (>= 0.2.3, < 0.3)
      prawn-layout (>= 0.3.2, < 0.4)
      prawn-security (>= 0.1.1, < 0.2)
    prawn-core (0.6.3)
    prawn-format (0.2.3)
      prawn-core
    prawn-layout (0.3.2)
    prawn-security (0.1.1)
    rack (1.1.6)
    rails (2.3.14)
      actionmailer (= 2.3.14)
      actionpack (= 2.3.14)
      activerecord (= 2.3.14)
      activeresource (= 2.3.14)
      activesupport (= 2.3.14)
      rake (>= 0.8.3)
    rake (0.8.7)
    responds_to_parent (1.1.0)
    rest-client (1.6.7)
      mime-types (>= 1.16)
    rubyzip (0.9.9)
    rush (0.6.8)
      session
    session (3.1.0)
      fattr
    test-unit (1.2.3)
      hoe (>= 1.5.1)
    wicked_pdf (0.9.6)
      rails
    wkhtmltopdf-binary (0.9.9.1)
    xml-simple (1.1.2)

PLATFORMS
  ruby

DEPENDENCIES
  aws-s3
  declarative_authorization
  fastercsv
  geokit
  heroku
  hoe (= 2.8.0)
  i18n (= 0.4.2)
  mysql2
  pg (= 0.15.1)
  prawn (= 0.6.3)
  rails (= 2.3.14)
  rake (= 0.8.7)
  responds_to_parent
  rush (= 0.6.8)
  test-unit (~> 1.2.3)
  wicked_pdf
  wkhtmltopdf-binary
